GEM
  remote: https://rubygems.org/
  specs:
    activesupport (3.2.11)
      i18n (~> 0.6)
      multi_json (~> 1.0)
    clockwork (1.2.0)
      activesupport
      tzinfo
    dinosaurus (0.0.11)
      activesupport
      httparty
      rake
    engtagger (0.1.2)
    faraday (0.8.4)
      multipart-post (~> 1.1)
    foreman (0.61.0)
      thor (>= 0.13.6)
    hashie (1.2.0)
    httparty (0.10.2)
      multi_json (~> 1.0)
      multi_xml (>= 0.5.2)
    i18n (0.6.1)
    microsoft_translator (0.1.1)
      nokogiri (>= 1.4.0)
      rest-client (>= 1.6.0)
    mime-types (1.19)
    multi_json (1.5.0)
    multi_xml (0.5.2)
    multipart-post (1.1.5)
    nokogiri (1.5.6)
    oauth (0.4.7)
    pg (0.18.2)
    rake (10.0.3)
    rest-client (1.6.7)
      mime-types (>= 1.16)
    simple_oauth (0.2.0)
    thor (0.17.0)
    thread_safe (0.3.5)
    twitter (4.5.0)
      faraday (~> 0.8, < 0.10)
      multi_json (~> 1.0)
      simple_oauth (~> 0.2)
    tzinfo (1.2.2)
      thread_safe (~> 0.1)
    userstream (1.2.3)
      hashie (~> 1.2.0)
      oauth (~> 0.4.7)

PLATFORMS
  ruby

DEPENDENCIES
  clockwork
  dinosaurus
  engtagger
  foreman
  microsoft_translator
  pg
  twitter
  userstream
