GEM
  remote: http://rubygems.org/
  specs:
    faraday (0.8.4)
      multipart-post (~> 1.1)
    foreman (0.61.0)
      thor (>= 0.13.6)
    hashie (1.2.0)
    multi_json (1.5.0)
    multipart-post (1.1.5)
    oauth (0.4.7)
    pg (0.14.1)
    simple_oauth (0.2.0)
    thor (0.17.0)
    twitter (4.5.0)
      faraday (~> 0.8, < 0.10)
      multi_json (~> 1.0)
      simple_oauth (~> 0.2)
    userstream (1.2.3)
      hashie (~> 1.2.0)
      oauth (~> 0.4.7)

PLATFORMS
  ruby

DEPENDENCIES
  foreman
  pg
  twitter
  userstream
